{"Manufacturer": "Bruker BioSpin MRI GmbH", "ManufacturerModelName": "BioSpec 94/20 AV3HD", "DeviceSerialNumber": "10100191", "StationName": "BioSpec 94/20 AV3HD", "SoftwareVersions": "6.0.1", "MatrixCoilMode": "ParallelExperiment", "PulseSequenceType": "Both", "ScanningSequence": "pCASL_EPIv8", "SequenceVariant": "Both", "ScanOptions": ["n/a", "No", "No", "n/a", "FlowNone", "1", "1", "Off", "NoSuppression"], "SequenceName": "User:pCASL_EPIv8", "PulseSequenceDetails": "pCASL_EPIv8 (E11)", "NonlinearGradientCorrection": true, "MRAcquisitionType": "2D", "MTState": false, "SpoilingState": true, "NumberShots": 1, "ParallelReductionFactorInPlane": 1, "PartialFourier": 1, "EffectiveEchoSpacing": 2.9333333333333312e-06, "PhaseEncodingDirection": "j", "TotalReadoutTime": 0.0001877333333333332, "EchoTime": 0.0097, "SliceTiming": [0.17777777777777778, 0.15555555555555556, 0.13333333333333333, 0.11111111111111112, 0.08888888888888889, 0.06666666666666667, 0.044444444444444446, 0.022222222222222223, 0.0], "SliceEncodingDirection": "k", "DwellTime": 0.0001877333333333332, "FlipAngle": 90, "InstitutionName": "GIN Grenoble", "InstitutionAddress": "Grenoble, Auvergne-Rh\u00f4ne-Alpes, France", "RepetitionTimePreparation": 3497.9, "ArterialSpinLabelingType": "PCASL", "PostLabelingDelay": 0.3, "BackgroundSuppression": false, "M0Type": "Absent", "TotalAcquiredPairs": 20.0, "VascularCrushing": false, "AcquisitionVoxelSize": [0.46875, 0.46875, 1], "LabelingOrientation": [0, 0, -1], "LookLocker": false, "BackgroundSuppressionNumberPulses": 0, "BackgroundSuppressionPulseTime": [], "PCASLType": "unbalanced", "LabelingDuration": 3.0, "LabelingPulseAverageGradient": 5, "LabelingPulseMaximumGradient": 45, "LabelingPulseAverageB1": 5, "LabelingPulseDuration": 0.4, "LabelingPulseFlipAngle": 61.30944, "LabelingPulseInterval": 0.8, "SkullStripped": false, "MagneticFieldStrength": 9.402666715777622, "LabelingDistance": -20}